GEM
  remote: https://rubygems.org/
  specs:
    activesupport (7.0.4.1)
      concurrent-ruby (~> 1.0, >= 1.0.2)
      i18n (>= 1.6, < 2)
      minitest (>= 5.1)
      tzinfo (~> 2.0)
    concurrent-ruby (1.1.10)
    crass (1.0.6)
    double_entry (0.0.1.pre)
    i18n (1.12.0)
      concurrent-ruby (~> 1.0)
    json (2.5.1)
    jwt (2.2.2)
    jwt_signed_request (3.0.0)
      jwt (>= 1.5.0)
      rack
    loofah (2.9.0)
      crass (~> 1.0.2)
      nokogiri (>= 1.5.9)
    mini_portile2 (2.5.0)
    minitest (5.17.0)
    nokogiri (1.11.1)
      mini_portile2 (~> 2.5.0)
      racc (~> 1.4)
    pagerduty (3.0.0)
      json (>= 1.7.7)
    racc (1.5.2)
    rack (2.2.3)
    tzinfo (2.0.5)
      concurrent-ruby (~> 1.0)
    zxcvbn-ruby (1.2.0)

PLATFORMS
  ruby

DEPENDENCIES
  double_entry
  jwt_signed_request
  loofah
  pagerduty
  zxcvbn-ruby

BUNDLED WITH
   2.2.11
